{
	"TaskName": "rest",
	"Modality": "MR",
	"MagneticFieldStrength": 3,
	"ImagingFrequency": 127.788,
	"Manufacturer": "Philips",
	"ManufacturersModelName": "Achieva",
	"InstitutionName": "University of Washington",
	"InstitutionalDepartmentName": "DISCMR- AA048G",
	"DeviceSerialNumber": "17388",
	"StationName": "PHILIPS-3D040EA",
	"BodyPartExamined": "BRAIN",
	"PatientPosition": "HFS",
	"ProcedureStepDescription": "IBIC-UDALL",
	"SoftwareVersions": "3.2.2\\3.2.2.0",
	"MRAcquisitionType": "2D",
	"SeriesDescription": "Rest",
	"ProtocolName": "WIP Rest SENSE",
	"ScanningSequence": "GR",
	"SequenceVariant": "SK",
	"ImageType": ["ORIGINAL", "PRIMARY", "PROTON", "DENSITY", "NONE"],
	"SeriesNumber": 501,
	"AcquisitionTime": "10:55:59.420000",
	"AcquisitionNumber": 5,
	"PhilipsRescaleSlope": 2.92698,
	"PhilipsRescaleIntercept": 0,
	"PhilipsScaleSlope": 0.000925977,
	"UsePhilipsFloatNotDisplayScaling": 1,
	"SliceThickness": 3,
	"SpacingBetweenSlices": 3,
	"EchoTime": 0.025,
	"RepetitionTime": 2.4,
	"MTState": false,
	"FlipAngle": 79,
	"CoilString": "Dual coil",
	"PercentPhaseFOV": 100,
	"PercentSampling": 100,
	"EchoTrainLength": 43,
	"PartialFourierDirection": "FREQUENCY",
	"PhaseEncodingSteps": 80,
	"AcquisitionMatrixPE": 80,
	"ReconMatrixPE": 80,
	"ParallelReductionFactorInPlane": 2,
	"ParallelAcquisitionTechnique": "SENSE",
	"WaterFatShift": 12.0781,
	"EstimatedEffectiveEchoSpacing": 0.000343891,
	"EstimatedTotalReadoutTime": 0.0271674,
	"PixelBandwidth": 1860.98,
	"PhaseEncodingAxis": "j",
	"ImageOrientationPatientDICOM": [
		0.999037,
		0.00233601,
		0.0438226,
		8.46956e-20,
		0.998582,
		-0.0532304	],
	"InPlanePhaseEncodingDirectionDICOM": "COL",
	"ConversionSoftware": "dcm2niix",
	"ConversionSoftwareVersion": "v1.0.20211006"
}
