{
	"Manufacturer": "Philips",
	"ManufacturersModelName": "Achieva",
	"ProcedureStepDescription": "UDALL",
	"ScanningSequence": "GR",
	"SequenceVariant": "SK",
	"SeriesDescription": "ANT_E",
	"BodyPartExamined": "BRAIN",
	"ProtocolName": "WIP_ANT_E_SENSE",
	"ImageType": ["ORIGINAL", "PRIMARY", "M", "FFE", "M", "FFE"],
	"AcquisitionDateTime": "2013-08-12T10:15:31.980000",
	"PhilipsRescaleSlope": 1.98462,
	"PhilipsRescaleIntercept": 0,
	"PhilipsScaleSlope": 0.000880899,
	"UsePhilipsFloatNotDisplayScaling": 1,
	"MagneticFieldStrength": 3,
	"FlipAngle": 79,
	"EchoTime": 0.025,
	"RepetitionTime": 2.4,
	"ConversionSoftware": "dcm2niix",
	"ConversionSoftwareVersion": "v1.0.20170411 GCC4.3.2"
}
