{
	"TaskName": "rest",
	"Modality": "MR",
	"MagneticFieldStrength": 3,
	"ImagingFrequency": 127.786,
	"Manufacturer": "Philips",
	"ManufacturersModelName": "Achieva",
	"InstitutionName": "University of Washington",
	"InstitutionalDepartmentName": "DISCMR- AA048G",
	"DeviceSerialNumber": "17388",
	"StationName": "PHILIPS-3D040EA",
	"BodyPartExamined": "BRAIN",
	"PatientPosition": "HFS",
	"ProcedureStepDescription": "IBIC-UDALL 2",
	"SoftwareVersions": "3.2.2\\3.2.2.0",
	"MRAcquisitionType": "2D",
	"SeriesDescription": "Rest",
	"ProtocolName": "WIP Rest SENSE",
	"ScanningSequence": "GR",
	"SequenceVariant": "SK",
	"ImageType": ["ORIGINAL", "PRIMARY", "PROTON", "DENSITY", "NONE"],
	"SeriesNumber": 501,
	"AcquisitionTime": "14:49:1.250000",
	"AcquisitionNumber": 5,
	"PhilipsRescaleSlope": 1.98388,
	"PhilipsRescaleIntercept": 0,
	"PhilipsScaleSlope": 0.000807305,
	"UsePhilipsFloatNotDisplayScaling": 1,
	"SliceThickness": 3,
	"SpacingBetweenSlices": 3,
	"EchoTime": 0.025,
	"RepetitionTime": 2.4,
	"MTState": false,
	"FlipAngle": 79,
	"CoilString": "Dual coil",
	"PercentPhaseFOV": 100,
	"PercentSampling": 100,
	"EchoTrainLength": 43,
	"PartialFourierDirection": "FREQUENCY",
	"PhaseEncodingSteps": 80,
	"AcquisitionMatrixPE": 80,
	"ReconMatrixPE": 80,
	"ParallelReductionFactorInPlane": 2,
	"ParallelAcquisitionTechnique": "SENSE",
	"WaterFatShift": 12.1316,
	"EstimatedEffectiveEchoSpacing": 0.000345415,
	"EstimatedTotalReadoutTime": 0.0272878,
	"PixelBandwidth": 1851.33,
	"PhaseEncodingAxis": "j",
	"ImageOrientationPatientDICOM": [
		0.997244,
		0.0713024,
		0.0204892,
		-0.0688295,
		0.992286,
		-0.103104	],
	"InPlanePhaseEncodingDirectionDICOM": "COL",
	"ConversionSoftware": "dcm2niix",
	"ConversionSoftwareVersion": "v1.0.20211006"
}
