{
	"Manufacturer": "Philips",
	"ManufacturersModelName": "Achieva",
	"ProcedureStepDescription": "UDALL_2",
	"ScanningSequence": "GR",
	"SequenceVariant": "SK",
	"SeriesDescription": "ANT_B",
	"BodyPartExamined": "BRAIN",
	"ProtocolName": "WIP_ANT_B_SENSE",
	"ImageType": ["ORIGINAL", "PRIMARY", "M", "FFE", "M", "FFE"],
	"AcquisitionDateTime": "2013-08-21T17:31:22.920000",
	"PhilipsRescaleSlope": 2.79927,
	"PhilipsRescaleIntercept": 0,
	"PhilipsScaleSlope": 0.000934802,
	"UsePhilipsFloatNotDisplayScaling": 1,
	"MagneticFieldStrength": 3,
	"FlipAngle": 79,
	"EchoTime": 0.025,
	"RepetitionTime": 2.4,
	"ConversionSoftware": "dcm2niix",
	"ConversionSoftwareVersion": "v1.0.20170411 GCC4.3.2"
}
