{
	"TaskName": "rest",
	"Modality": "MR",
	"MagneticFieldStrength": 3,
	"ImagingFrequency": 127.786,
	"Manufacturer": "Philips",
	"ManufacturersModelName": "Achieva",
	"InstitutionName": "University of Washington",
	"InstitutionalDepartmentName": "DISCMR- AA048G",
	"DeviceSerialNumber": "17388",
	"StationName": "PHILIPS-3D040EA",
	"BodyPartExamined": "BRAIN",
	"PatientPosition": "HFS",
	"ProcedureStepDescription": "IBIC-UDALL S2",
	"SoftwareVersions": "3.2.2\\3.2.2.0",
	"MRAcquisitionType": "2D",
	"SeriesDescription": "Rest",
	"ProtocolName": "WIP Rest SENSE",
	"ScanningSequence": "GR",
	"SequenceVariant": "SK",
	"ImageType": ["ORIGINAL", "PRIMARY", "PROTON", "DENSITY", "NONE"],
	"SeriesNumber": 501,
	"AcquisitionTime": "10:18:58.100000",
	"AcquisitionNumber": 5,
	"PhilipsRescaleSlope": 2.66764,
	"PhilipsRescaleIntercept": 0,
	"PhilipsScaleSlope": 0.000914951,
	"UsePhilipsFloatNotDisplayScaling": 1,
	"SliceThickness": 3,
	"SpacingBetweenSlices": 3,
	"EchoTime": 0.025001,
	"RepetitionTime": 2.4,
	"MTState": false,
	"FlipAngle": 79,
	"CoilString": "Dual coil",
	"PercentPhaseFOV": 100,
	"PercentSampling": 100,
	"EchoTrainLength": 43,
	"PartialFourierDirection": "FREQUENCY",
	"PhaseEncodingSteps": 80,
	"AcquisitionMatrixPE": 80,
	"ReconMatrixPE": 80,
	"ParallelReductionFactorInPlane": 2,
	"ParallelAcquisitionTechnique": "SENSE",
	"WaterFatShift": 12.1277,
	"EstimatedEffectiveEchoSpacing": 0.000345306,
	"EstimatedTotalReadoutTime": 0.0272792,
	"PixelBandwidth": 1852.02,
	"PhaseEncodingAxis": "j",
	"ImageOrientationPatientDICOM": [
		0.997581,
		0.0670793,
		-0.0182501,
		-0.0665741,
		0.997416,
		0.0270063	],
	"InPlanePhaseEncodingDirectionDICOM": "COL",
	"ConversionSoftware": "dcm2niix",
	"ConversionSoftwareVersion": "v1.0.20211006"
}
