{
	"TaskName": "rest",
	"Modality": "MR",
	"MagneticFieldStrength": 3,
	"ImagingFrequency": 127.788,
	"Manufacturer": "Philips",
	"ManufacturersModelName": "Achieva",
	"InstitutionName": "University of Washington",
	"InstitutionalDepartmentName": "DISCMR- AA048G",
	"DeviceSerialNumber": "17388",
	"StationName": "PHILIPS-3D040EA",
	"BodyPartExamined": "BRAIN",
	"PatientPosition": "HFS",
	"ProcedureStepDescription": "IBIC-UDALL2",
	"SoftwareVersions": "3.2.2\\3.2.2.0",
	"MRAcquisitionType": "2D",
	"SeriesDescription": "Rest",
	"ProtocolName": "WIP Rest SENSE",
	"ScanningSequence": "GR",
	"SequenceVariant": "SK",
	"ImageType": ["ORIGINAL", "PRIMARY", "PROTON", "DENSITY", "NONE"],
	"SeriesNumber": 501,
	"AcquisitionTime": "10:58:1.510000",
	"AcquisitionNumber": 5,
	"PhilipsRescaleSlope": 1.88425,
	"PhilipsRescaleIntercept": 0,
	"PhilipsScaleSlope": 0.000844868,
	"UsePhilipsFloatNotDisplayScaling": 1,
	"SliceThickness": 3,
	"SpacingBetweenSlices": 3,
	"EchoTime": 0.025001,
	"RepetitionTime": 2.4,
	"MTState": false,
	"FlipAngle": 79,
	"CoilString": "Dual coil",
	"PercentPhaseFOV": 100,
	"PercentSampling": 100,
	"EchoTrainLength": 43,
	"PartialFourierDirection": "FREQUENCY",
	"PhaseEncodingSteps": 80,
	"AcquisitionMatrixPE": 80,
	"ReconMatrixPE": 80,
	"ParallelReductionFactorInPlane": 2,
	"ParallelAcquisitionTechnique": "SENSE",
	"WaterFatShift": 12.0858,
	"EstimatedEffectiveEchoSpacing": 0.000344109,
	"EstimatedTotalReadoutTime": 0.0271846,
	"PixelBandwidth": 1859.6,
	"PhaseEncodingAxis": "j",
	"ImageOrientationPatientDICOM": [
		0.996581,
		-0.0240318,
		-0.0790439,
		0.0172037,
		0.99615,
		-0.0859574	],
	"InPlanePhaseEncodingDirectionDICOM": "COL",
	"ConversionSoftware": "dcm2niix",
	"ConversionSoftwareVersion": "v1.0.20211006"
}
