{
	"Modality": "MR",
	"MagneticFieldStrength": 3,
	"ImagingFrequency": 127.764,
	"Manufacturer": "Philips",
	"ManufacturersModelName": "Achieva",
	"InstitutionName": "University of Washington",
	"InstitutionalDepartmentName": "DISCMR- AA048G",
	"DeviceSerialNumber": "17388",
	"StationName": "PHILIPS-3D040EA",
	"BodyPartExamined": "BRAIN",
	"PatientPosition": "HFS",
	"ProcedureStepDescription": "UDALL",
	"SoftwareVersions": "3.2.2\\3.2.2.0",
	"MRAcquisitionType": "2D",
	"SeriesDescription": "DTI_128_Grad_mode_Max",
	"ProtocolName": "WIP DTI_128_Grad_mode_Max SENSE",
	"ScanningSequence": "SE",
	"SequenceVariant": "SK",
	"ImageType": ["ORIGINAL", "PRIMARY", "DIFFUSION", "NONE"],
	"SeriesNumber": 1501,
	"AcquisitionTime": "16:25:59.010000",
	"AcquisitionNumber": 15,
	"PhilipsRescaleSlope": 6.99292,
	"PhilipsRescaleIntercept": 0,
	"PhilipsScaleSlope": 0.00080727,
	"UsePhilipsFloatNotDisplayScaling": 1,
	"SliceThickness": 2,
	"SpacingBetweenSlices": 2,
	"EchoTime": 0.067025,
	"RepetitionTime": 9.15592,
	"MTState": false,
	"FlipAngle": 90,
	"CoilString": "Dual coil",
	"PercentPhaseFOV": 100,
	"PercentSampling": 100,
	"EchoTrainLength": 53,
	"PartialFourierDirection": "PHASE",
	"PartialFourierEnabled": "YES",
	"PhaseEncodingStepsNoPartialFourier": 112,
	"AcquisitionMatrixPE": 112,
	"ReconMatrixPE": 128,
	"ParallelReductionFactorInPlane": 2.3,
	"ParallelAcquisitionTechnique": "SENSE",
	"WaterFatShift": 13.2827,
	"EstimatedEffectiveEchoSpacing": 0.000236308,
	"EstimatedTotalReadoutTime": 0.0300111,
	"PixelBandwidth": 2402.06,
	"PhaseEncodingAxis": "j",
	"ImageOrientationPatientDICOM": [
		1,
		0,
		0,
		0,
		1,
		0	],
	"InPlanePhaseEncodingDirectionDICOM": "COL",
	"ConversionSoftware": "dcm2niix",
	"ConversionSoftwareVersion": "v1.0.20211006"
}
