{
	"Manufacturer": "Philips",
	"ManufacturersModelName": "Achieva",
	"ProcedureStepDescription": "IBIC-UDALL_S2",
	"ScanningSequence": "GR",
	"SequenceVariant": "SK",
	"SeriesDescription": "ANT_C",
	"BodyPartExamined": "BRAIN",
	"ProtocolName": "WIP_ANT_C_SENSE",
	"ImageType": ["ORIGINAL", "PRIMARY", "M", "FFE", "M", "FFE"],
	"AcquisitionDateTime": "2013-07-03T11:16:16.540000",
	"PhilipsRescaleSlope": 2.72552,
	"PhilipsRescaleIntercept": 0,
	"PhilipsScaleSlope": 0.000945834,
	"UsePhilipsFloatNotDisplayScaling": 1,
	"MagneticFieldStrength": 3,
	"FlipAngle": 79,
	"EchoTime": 0.025001,
	"RepetitionTime": 2.4,
	"ConversionSoftware": "dcm2niix",
	"ConversionSoftwareVersion": "v1.0.20170411 GCC4.3.2"
}
