{
	"Manufacturer": "Philips",
	"ManufacturersModelName": "Achieva",
	"ProcedureStepDescription": "IBIC-UDALL_2",
	"ScanningSequence": "GR",
	"SequenceVariant": "SK",
	"SeriesDescription": "ANT_A",
	"BodyPartExamined": "BRAIN",
	"ProtocolName": "WIP_ANT_A_SENSE",
	"ImageType": ["ORIGINAL", "PRIMARY", "M", "FFE", "M", "FFE"],
	"AcquisitionDateTime": "2013-06-14T13:12:32.430000",
	"PhilipsRescaleSlope": 2.16874,
	"PhilipsRescaleIntercept": 0,
	"PhilipsScaleSlope": 0.000881563,
	"UsePhilipsFloatNotDisplayScaling": 1,
	"MagneticFieldStrength": 3,
	"FlipAngle": 79,
	"EchoTime": 0.025001,
	"RepetitionTime": 2.4,
	"ConversionSoftware": "dcm2niix",
	"ConversionSoftwareVersion": "v1.0.20170411 GCC4.3.2"
}
