{
	"Manufacturer": "Philips",
	"ManufacturersModelName": "N/A",
	"SequenceVariant": "tfl3d1_ns",
	"ProtocolName": "WIPMPRAGE_S2SENSE",
	"ImageType": ["ORIGINAL"],
	"PhilipsRescaleSlope": 6.84444,
	"PhilipsRescaleIntercept": 0,
	"PhilipsScaleSlope": 0.000327681,
	"UsePhilipsFloatNotDisplayScaling": 1,
	"EchoTime": 0.00351,
	"RepetitionTime": 0.007562,
	"ConversionSoftware": "dcm2niix",
	"ConversionSoftwareVersion": "v1.0.20170411 GCC4.3.2"
}
