{
	"TaskName": "rest",
	"Modality": "MR",
	"MagneticFieldStrength": 3,
	"ImagingFrequency": 127.76,
	"Manufacturer": "Philips",
	"ManufacturersModelName": "Achieva",
	"InstitutionName": "University of Washington",
	"InstitutionalDepartmentName": "DISCMR- AA048G",
	"DeviceSerialNumber": "17388",
	"StationName": "PHILIPS-3D040EA",
	"BodyPartExamined": "BRAIN",
	"PatientPosition": "HFS",
	"ProcedureStepDescription": "IBIC-UDALL2",
	"SoftwareVersions": "3.2.2\\3.2.2.0",
	"MRAcquisitionType": "2D",
	"SeriesDescription": "Rest",
	"ProtocolName": "WIP Rest SENSE",
	"ScanningSequence": "GR",
	"SequenceVariant": "SK",
	"ImageType": ["ORIGINAL", "PRIMARY", "PROTON", "DENSITY", "NONE"],
	"SeriesNumber": 501,
	"AcquisitionTime": "08:36:43.090000",
	"AcquisitionNumber": 5,
	"PhilipsRescaleSlope": 2.47937,
	"PhilipsRescaleIntercept": 0,
	"PhilipsScaleSlope": 0.000864052,
	"UsePhilipsFloatNotDisplayScaling": 1,
	"SliceThickness": 3,
	"SpacingBetweenSlices": 3,
	"EchoTime": 0.025,
	"RepetitionTime": 2.4,
	"MTState": false,
	"FlipAngle": 79,
	"CoilString": "Dual coil",
	"PercentPhaseFOV": 100,
	"PercentSampling": 100,
	"EchoTrainLength": 43,
	"PartialFourierDirection": "FREQUENCY",
	"PhaseEncodingSteps": 80,
	"AcquisitionMatrixPE": 80,
	"ReconMatrixPE": 80,
	"ParallelReductionFactorInPlane": 2,
	"ParallelAcquisitionTechnique": "SENSE",
	"WaterFatShift": 12.1405,
	"EstimatedEffectiveEchoSpacing": 0.000345742,
	"EstimatedTotalReadoutTime": 0.0273136,
	"PixelBandwidth": 1849.28,
	"PhaseEncodingAxis": "j",
	"ImageOrientationPatientDICOM": [
		0.995901,
		0.0899018,
		-0.00993038,
		-0.0902759,
		0.981211,
		-0.170515	],
	"InPlanePhaseEncodingDirectionDICOM": "COL",
	"ConversionSoftware": "dcm2niix",
	"ConversionSoftwareVersion": "v1.0.20211006"
}
